GEM
  remote: http://rubygems.org/
  specs:
    minitest (4.3.2)
    rake (0.9.6)

PLATFORMS
  x86-mingw32

DEPENDENCIES
  minitest
  rake
